PATH
  remote: .
  specs:
    nxt_vcr_harness (0.1.3)
      rspec (~> 3.0)
      vcr (~> 5.0)

GEM
  remote: https://rubygems.org/
  specs:
    coderay (1.1.2)
    diff-lcs (1.3)
    method_source (0.9.2)
    pry (0.12.2)
      coderay (~> 1.1.0)
      method_source (~> 0.9.0)
    rake (12.3.2)
    rspec (3.8.0)
      rspec-core (~> 3.8.0)
      rspec-expectations (~> 3.8.0)
      rspec-mocks (~> 3.8.0)
    rspec-core (3.8.1)
      rspec-support (~> 3.8.0)
    rspec-expectations (3.8.4)
      diff-lcs (>= 1.2.0, < 2.0)
      rspec-support (~> 3.8.0)
    rspec-mocks (3.8.1)
      diff-lcs (>= 1.2.0, < 2.0)
      rspec-support (~> 3.8.0)
    rspec-support (3.8.2)
    rspec_junit_formatter (0.4.1)
      rspec-core (>= 2, < 4, != 2.12.0)
    vcr (5.0.0)

PLATFORMS
  ruby

DEPENDENCIES
  bundler (~> 1.17)
  nxt_vcr_harness!
  pry
  rake (~> 12.3)
  rspec (~> 3.0)
  rspec_junit_formatter (~> 0.4.1)

BUNDLED WITH
   1.17.3
